GEM
  remote: https://rubygems.org/
  specs:
    colorize (0.7.7)
    graphql (0.15.2)
    jwt (1.5.4)
    kgio (2.11.2)
    pg (1.0.0)
    rack (1.6.4)
    rack-jwt (0.3.0)
      jwt (~> 1.5.2)
      rack (>= 1.6.0)
    rack-protection (1.5.3)
      rack
    raindrops (0.19.0)
    rake (11.2.2)
    roda (2.15.0)
      rack
    sequel (4.35.0)
    sequel-seed (0.3.2)
      sequel (>= 4.0)
    sqlite3 (1.3.13)
    tilt (2.0.5)
    unicorn (5.4.0)
      kgio (~> 2.6)
      raindrops (~> 0.7)

PLATFORMS
  ruby

DEPENDENCIES
  colorize
  graphql
  pg
  rack-jwt
  rack-protection
  rake
  roda
  sequel
  sequel-seed
  sqlite3
  tilt
  unicorn

BUNDLED WITH
   1.16.1
