GEM
  remote: https://rubygems.org/
  specs:
    activemodel (6.1.4.1)
      activesupport (= 6.1.4.1)
    activerecord (6.1.4.1)
      activemodel (= 6.1.4.1)
      activesupport (= 6.1.4.1)
    activesupport (6.1.4.1)
      concurrent-ruby (~> 1.0, >= 1.0.2)
      i18n (>= 1.6, < 2)
      minitest (>= 5.1)
      tzinfo (~> 2.0)
      zeitwerk (~> 2.3)
    ast (2.4.2)
    awesome_print (1.9.2)
    coderay (1.1.3)
    concurrent-ruby (1.1.9)
    database_cleaner (2.0.1)
      database_cleaner-active_record (~> 2.0.0)
    database_cleaner-active_record (2.0.1)
      activerecord (>= 5.a)
      database_cleaner-core (~> 2.0.0)
    database_cleaner-core (2.0.1)
    diff-lcs (1.4.4)
    docile (1.4.0)
    dotenv (2.7.6)
    factory_bot (6.2.0)
      activesupport (>= 5.0.0)
    faker (2.19.0)
      i18n (>= 1.6, < 2)
    i18n (1.8.10)
      concurrent-ruby (~> 1.0)
    method_source (1.0.0)
    minitest (5.14.4)
    nio4r (2.5.8)
    parallel (1.21.0)
    parser (3.0.2.0)
      ast (~> 2.4.1)
    pg (1.2.3)
    pry (0.14.1)
      coderay (~> 1.1)
      method_source (~> 1.0)
    puma (5.4.0)
      nio4r (~> 2.0)
    rack (2.2.3)
    rack-protection (2.1.0)
      rack
    rack-test (1.1.0)
      rack (>= 1.0, < 3)
    rainbow (3.0.0)
    rake (12.3.1)
    regexp_parser (2.1.1)
    rexml (3.2.5)
    roda (3.48.0)
      rack
    roda-http-auth (0.2.0)
      roda (>= 2.0, < 4.0)
    rspec (3.10.0)
      rspec-core (~> 3.10.0)
      rspec-expectations (~> 3.10.0)
      rspec-mocks (~> 3.10.0)
    rspec-core (3.10.1)
      rspec-support (~> 3.10.0)
    rspec-expectations (3.10.1)
      diff-lcs (>= 1.2.0, < 2.0)
      rspec-support (~> 3.10.0)
    rspec-mocks (3.10.2)
      diff-lcs (>= 1.2.0, < 2.0)
      rspec-support (~> 3.10.0)
    rspec-support (3.10.2)
    rspec_sequel_matchers (0.5.0)
      sequel (>= 3.8.0)
    rubocop (1.21.0)
      parallel (~> 1.10)
      parser (>= 3.0.0.0)
      rainbow (>= 2.2.2, < 4.0)
      regexp_parser (>= 1.8, < 3.0)
      rexml
      rubocop-ast (>= 1.9.1, < 2.0)
      ruby-progressbar (~> 1.7)
      unicode-display_width (>= 1.4.0, < 3.0)
    rubocop-ast (1.11.0)
      parser (>= 3.0.1.1)
    ruby-progressbar (1.11.0)
    sequel (5.48.0)
    simplecov (0.21.2)
      docile (~> 1.1)
      simplecov-html (~> 0.11)
      simplecov_json_formatter (~> 0.1)
    simplecov-html (0.12.3)
    simplecov_json_formatter (0.1.3)
    tzinfo (2.0.4)
      concurrent-ruby (~> 1.0)
    unicode-display_width (2.1.0)
    zeitwerk (2.4.2)

PLATFORMS
  ruby
  x86_64-darwin-19

DEPENDENCIES
  awesome_print (= 1.9.2)
  database_cleaner (= 2.0.1)
  dotenv (= 2.7.6)
  factory_bot (= 6.2.0)
  faker (= 2.19.0)
  pg (= 1.2.3)
  pry (= 0.14.1)
  puma (~> 5.4.0)
  rack (= 2.2.3)
  rack-protection (~> 2.1.0)
  rack-test (= 1.1.0)
  rake (= 12.3.1)
  roda (~> 3.48.0)
  roda-http-auth (= 0.2.0)
  rspec (= 3.10.0)
  rspec_sequel_matchers (= 0.5.0)
  rubocop (~> 1.21.0)
  sequel (~> 5.48.0)
  simplecov (= 0.21.2)

BUNDLED WITH
   2.2.27
